NUGET
  remote: https://nuget.org/api/v2
  specs:
    Nancy (0.23.2)
